GEM
  remote: https://rubygems.org/
  specs:
    colorize (1.0.3)
    diff-lcs (1.5.0)
    rspec (3.12.0)
      rspec-core (~> 3.12.0)
      rspec-expectations (~> 3.12.0)
      rspec-mocks (~> 3.12.0)
    rspec-core (3.12.2)
      rspec-support (~> 3.12.0)
    rspec-expectations (3.12.3)
      diff-lcs (>= 1.2.0, < 2.0)
      rspec-support (~> 3.12.0)
    rspec-mocks (3.12.5)
      diff-lcs (>= 1.2.0, < 2.0)
      rspec-support (~> 3.12.0)
    rspec-support (3.12.0)
    yaml (0.2.1)

PLATFORMS
  arm64-darwin-22

DEPENDENCIES
  colorize
  rspec
  yaml

BUNDLED WITH
   2.4.10
